PATH
  remote: .
  specs:
    fake_s3 (0.12.0)

GEM
  remote: https://rubygems.org/
  specs:
    rake (13.0.1)

PLATFORMS
  ruby

DEPENDENCIES
  bundler (~> 1.9)
  fake_s3!
  rake (~> 13.0)

BUNDLED WITH
   1.17.2
